GEM
  remote: https://rubygems.org/
  specs:
    artii (2.1.2)
    colorize (0.8.1)
    json (2.6.3)
    pastel (0.8.0)
      tty-color (~> 0.5)
    terminal-table (3.0.2)
      unicode-display_width (>= 1.1.1, < 3)
    tty-color (0.6.0)
    tty-cursor (0.7.1)
    tty-prompt (0.23.1)
      pastel (~> 0.8)
      tty-reader (~> 0.8)
    tty-reader (0.9.0)
      tty-cursor (~> 0.7)
      tty-screen (~> 0.8)
      wisper (~> 2.0)
    tty-screen (0.8.1)
    unicode-display_width (2.4.2)
    wisper (2.0.1)

PLATFORMS
  ruby

DEPENDENCIES
  artii (~> 2.1)
  colorize (~> 0.8.1)
  json (~> 2.5)
  terminal-table (~> 3.0)
  tty-prompt

BUNDLED WITH
   2.2.32
