GEM
  remote: https://rubygems.org/
  specs:
    json (2.5.1)
    pastel (0.8.0)
      tty-color (~> 0.5)
    tty-color (0.6.0)
    tty-cursor (0.7.1)
    tty-prompt (0.23.0)
      pastel (~> 0.8)
      tty-reader (~> 0.8)
    tty-reader (0.9.0)
      tty-cursor (~> 0.7)
      tty-screen (~> 0.8)
      wisper (~> 2.0)
    tty-screen (0.8.1)
    wisper (2.0.1)

PLATFORMS
  ruby

DEPENDENCIES
  json (~> 2.5)
  tty-prompt

BUNDLED WITH
   2.1.4
