GEM
  remote: https://rubygems.org/
  specs:
    json (2.5.1)

PLATFORMS
  ruby

DEPENDENCIES
  json (~> 2.5)

BUNDLED WITH
   2.1.4
